GEM
  remote: https://rubygems.org/
  specs:
    dotenv (2.1.1)
    jwt (2.1.0)
    nexmo (5.4.0)
      jwt (~> 2)

PLATFORMS
  ruby

DEPENDENCIES
  dotenv
  nexmo (~> 5.4.0)

BUNDLED WITH
   1.16.4
